GIT
  remote: https://github.com/nclaburn/pakyow-auth.git
  revision: cb128d3f371c7554dae08b6b2da0c1bbc8804371
  specs:
    pakyow-auth (0.1)

GEM
  remote: http://rubygems.org/
  specs:
    addressable (2.2.6)
    archive-tar-minitar (0.5.2)
    bcrypt-ruby (3.0.1)
    columnize (0.3.6)
    data_mapper (1.2.0)
      dm-aggregates (~> 1.2.0)
      dm-constraints (~> 1.2.0)
      dm-core (~> 1.2.0)
      dm-migrations (~> 1.2.0)
      dm-serializer (~> 1.2.0)
      dm-timestamps (~> 1.2.0)
      dm-transactions (~> 1.2.0)
      dm-types (~> 1.2.0)
      dm-validations (~> 1.2.0)
    data_objects (0.10.7)
      addressable (~> 2.1)
    dm-aggregates (1.2.0)
      dm-core (~> 1.2.0)
    dm-constraints (1.2.0)
      dm-core (~> 1.2.0)
    dm-core (1.2.0)
      addressable (~> 2.2.6)
    dm-do-adapter (1.2.0)
      data_objects (~> 0.10.6)
      dm-core (~> 1.2.0)
    dm-migrations (1.2.0)
      dm-core (~> 1.2.0)
    dm-serializer (1.2.1)
      dm-core (~> 1.2.0)
      fastercsv (~> 1.5.4)
      json (~> 1.6.1)
      json_pure (~> 1.6.1)
      multi_json (~> 1.0.3)
    dm-sqlite-adapter (1.2.0)
      dm-do-adapter (~> 1.2.0)
      do_sqlite3 (~> 0.10.6)
    dm-tags (1.2.0)
      dm-core (~> 1.2.0)
    dm-timestamps (1.2.0)
      dm-core (~> 1.2.0)
    dm-transactions (1.2.0)
      dm-core (~> 1.2.0)
    dm-types (1.2.1)
      bcrypt-ruby (~> 3.0.0)
      dm-core (~> 1.2.0)
      fastercsv (~> 1.5.4)
      json (~> 1.6.1)
      multi_json (~> 1.0.3)
      stringex (~> 1.3.0)
      uuidtools (~> 2.1.2)
    dm-validations (1.2.0)
      dm-core (~> 1.2.0)
    do_sqlite3 (0.10.7)
      data_objects (= 0.10.7)
    fastercsv (1.5.4)
    i18n (0.6.0)
    json (1.6.5)
    json_pure (1.6.5)
    linecache19 (0.5.12)
      ruby_core_source (>= 0.1.4)
    mail (2.4.1)
      i18n (>= 0.4.0)
      mime-types (~> 1.16)
      treetop (~> 1.4.8)
    mime-types (1.17.2)
    multi_json (1.0.4)
    nokogiri (1.5.0)
    pakyow (0.7.1)
      pakyow-core (= 0.7.1)
      pakyow-mailer (= 0.7.1)
      pakyow-presenter (= 0.7.1)
    pakyow-core (0.7.1)
      rack (~> 1.3)
    pakyow-mailer (0.7.1)
      mail (~> 2.3)
      pakyow-core (= 0.7.1)
      pakyow-presenter (= 0.7.1)
    pakyow-presenter (0.7.1)
      nokogiri (~> 1.5)
      pakyow-core (= 0.7.1)
    polyglot (0.3.3)
    rack (1.4.1)
    rake (0.9.2.2)
    ruby-debug-base19 (0.11.25)
      columnize (>= 0.3.1)
      linecache19 (>= 0.5.11)
      ruby_core_source (>= 0.1.4)
    ruby-debug-base19x (0.11.29)
      columnize (>= 0.3.1)
      linecache19 (>= 0.5.11)
      rake (>= 0.8.1)
      ruby_core_source (>= 0.1.4)
    ruby-debug19 (0.11.6)
      columnize (>= 0.3.1)
      linecache19 (>= 0.5.11)
      ruby-debug-base19 (>= 0.11.19)
    ruby_core_source (0.1.5)
      archive-tar-minitar (>= 0.5.2)
    stringex (1.3.0)
    treetop (1.4.10)
      polyglot
      polyglot (>= 0.3.1)
    uuidtools (2.1.2)

PLATFORMS
  ruby

DEPENDENCIES
  data_mapper
  dm-sqlite-adapter
  dm-tags
  linecache19
  pakyow
  pakyow-auth!
  rack
  rake
  ruby-debug-base19x
  ruby-debug19
